GEM
  remote: https://rubygems.org/
  specs:
    addressable (2.8.5)
      public_suffix (>= 2.0.2, < 6.0)
    adsf (1.4.6)
      rack (>= 1.0.0, < 3.0.0)
    builder (3.2.4)
    colored (1.2)
    concurrent-ruby (1.2.2)
    cri (2.15.11)
    daemons (1.4.1)
    ddmetrics (1.0.1)
    ddplugin (1.0.3)
    diff-lcs (1.5.0)
    eventmachine (1.2.7)
    immutable-ruby (0.1.0)
      concurrent-ruby (~> 1.1)
      sorted_set (~> 1.0)
    json_schema (0.21.0)
    memo_wise (1.7.0)
    nanoc (4.12.16)
      addressable (~> 2.5)
      colored (~> 1.2)
      nanoc-checking (~> 1.0, >= 1.0.2)
      nanoc-cli (= 4.12.16)
      nanoc-core (= 4.12.16)
      nanoc-deploying (~> 1.0)
      parallel (~> 1.12)
      tty-command (~> 0.8)
      tty-which (~> 0.4)
    nanoc-checking (1.0.2)
      nanoc-cli (~> 4.12, >= 4.12.4)
      nanoc-core (~> 4.12, >= 4.12.4)
    nanoc-cli (4.12.16)
      cri (~> 2.15)
      diff-lcs (~> 1.3)
      nanoc-core (= 4.12.16)
      zeitwerk (~> 2.1)
    nanoc-core (4.12.16)
      concurrent-ruby (~> 1.1)
      ddmetrics (~> 1.0)
      ddplugin (~> 1.0)
      immutable-ruby (~> 0.1)
      json_schema (~> 0.19)
      memo_wise (~> 1.5)
      psych (~> 4.0)
      slow_enumerator_tools (~> 1.0)
      tty-platform (~> 0.2)
      zeitwerk (~> 2.1)
    nanoc-deploying (1.0.2)
      nanoc-checking (~> 1.0)
      nanoc-cli (~> 4.11, >= 4.11.15)
      nanoc-core (~> 4.11, >= 4.11.15)
    nokogiri (1.15.4-arm64-darwin)
      racc (~> 1.4)
    nokogiri (1.15.4-x86_64-darwin)
      racc (~> 1.4)
    pandoc-ruby (2.1.7)
    parallel (1.23.0)
    pastel (0.8.0)
      tty-color (~> 0.5)
    psych (4.0.6)
      stringio
    public_suffix (5.0.3)
    racc (1.7.1)
    rack (2.2.8)
    rbtree (0.4.6)
    rouge (4.1.3)
    ruby-spellchecker (0.1.5)
    set (1.0.3)
    slim (5.1.1)
      temple (~> 0.10.0)
      tilt (>= 2.1.0)
    slow_enumerator_tools (1.1.0)
    sorted_set (1.0.3)
      rbtree
      set (~> 1.0)
    stringio (3.0.8)
    temple (0.10.2)
    thin (1.8.2)
      daemons (~> 1.0, >= 1.0.9)
      eventmachine (~> 1.0, >= 1.0.4)
      rack (>= 1, < 3)
    tilt (2.2.0)
    tty-color (0.6.0)
    tty-command (0.10.1)
      pastel (~> 0.8)
    tty-platform (0.3.0)
    tty-which (0.5.0)
    zeitwerk (2.6.11)

PLATFORMS
  arm64-darwin-22
  x86_64-darwin-22

DEPENDENCIES
  adsf
  builder
  nanoc
  nokogiri
  pandoc-ruby
  rouge
  ruby-spellchecker
  slim
  thin

BUNDLED WITH
   2.4.10
